GIT
  remote: git://github.com/ejfinneran/mock_redis.git
  revision: 91ca0b56badcc7d5c80fe554f6266f61e6fb8dab
  branch: add-multi-block-support
  specs:
    mock_redis (0.1.2)

GEM
  remote: http://rubygems.org/
  specs:
    git (1.2.5)
    jeweler (1.6.4)
      bundler (~> 1.0)
      git (>= 1.2.5)
      rake
    metaclass (0.0.1)
    mocha (0.10.0)
      metaclass (~> 0.0.1)
    rake (0.9.2)
    rcov (0.9.10)
    redis (2.2.2)
    redis-namespace (1.1.0)
      redis (< 3.0.0)
    shoulda (2.11.3)
    timecop (0.3.5)

PLATFORMS
  ruby

DEPENDENCIES
  bundler (~> 1.0.0)
  jeweler (~> 1.6.4)
  mocha (~> 0.10)
  mock_redis (= 0.1.2)!
  rcov
  redis
  redis-namespace
  shoulda
  timecop
