GEM
  remote: http://rubygems.org/
  specs:
    activesupport (4.0.4)
      i18n (~> 0.6, >= 0.6.9)
      minitest (~> 4.2)
      multi_json (~> 1.3)
      thread_safe (~> 0.1)
      tzinfo (~> 0.3.37)
    coveralls (0.7.0)
      multi_json (~> 1.3)
      rest-client
      simplecov (>= 0.7)
      term-ansicolor
      thor
    docile (1.1.3)
    git (1.2.6)
    i18n (0.6.9)
    jeweler (1.6.4)
      bundler (~> 1.0)
      git (>= 1.2.5)
      rake
    json (1.8.1)
    json (1.8.1-java)
    maruku (0.7.1)
    metaclass (0.0.4)
    mime-types (2.2)
    minitest (4.7.5)
    mocha (0.14.0)
      metaclass (~> 0.0.1)
    mock_redis (0.11.0)
    multi_json (1.9.2)
    rake (10.2.2)
    rdoc (4.1.1)
      json (~> 1.4)
    redis (3.0.7)
    redis-namespace (1.4.1)
      redis (~> 3.0.4)
    rest-client (1.6.7)
      mime-types (>= 1.16)
    shoulda (3.5.0)
      shoulda-context (~> 1.0, >= 1.0.1)
      shoulda-matchers (>= 1.4.1, < 3.0)
    shoulda-context (1.2.1)
    shoulda-matchers (2.5.0)
      activesupport (>= 3.0.0)
    simplecov (0.8.2)
      docile (~> 1.1.0)
      multi_json
      simplecov-html (~> 0.8.0)
    simplecov-html (0.8.0)
    term-ansicolor (1.3.0)
      tins (~> 1.0)
    thor (0.19.1)
    thread_safe (0.3.3)
    thread_safe (0.3.3-java)
    timecop (0.7.1)
    tins (1.1.0)
    tzinfo (0.3.39)
    yard (0.8.7.4)

PLATFORMS
  java
  ruby

DEPENDENCIES
  coveralls
  jeweler (~> 1.6.4)
  maruku
  mocha (~> 0.10)
  mock_redis (~> 0.11.0)
  rake
  rdoc
  redis
  redis-namespace
  shoulda
  timecop
  yard
